PATH
  remote: .
  specs:
    tapuzit (0.1.0)
      grape (~> 0.14)
      puma (~> 3.1)
      resque-scheduler (~> 4.1)
      telegram-bot-ruby (~> 0.4)
      yell (~> 2.0)

GEM
  remote: https://rubygems.org/
  specs:
    activesupport (4.2.5.2)
      i18n (~> 0.7)
      json (~> 1.7, >= 1.7.7)
      minitest (~> 5.1)
      thread_safe (~> 0.3, >= 0.3.4)
      tzinfo (~> 1.1)
    axiom-types (0.1.1)
      descendants_tracker (~> 0.0.4)
      ice_nine (~> 0.11.0)
      thread_safe (~> 0.3, >= 0.3.1)
    binding.repl (3.0.0)
    binding_of_caller (0.7.2)
      debug_inspector (>= 0.0.1)
    builder (3.2.2)
    cd (1.0.1)
    clipboard (1.0.6)
    code (0.9.0)
      coderay (~> 1.1)
      method_source (~> 0.8, >= 0.8.2)
    coderay (1.1.1)
    coercible (1.0.0)
      descendants_tracker (~> 0.0.1)
    debug_inspector (0.0.2)
    debugging (1.1.0)
      binding.repl (~> 3.0)
      paint (>= 0.9, < 2.0)
    descendants_tracker (0.0.4)
      thread_safe (~> 0.3, >= 0.3.1)
    diff-lcs (1.2.5)
    equalizer (0.0.11)
    every_day_irb (2.0.0)
      cd (~> 1.0)
    fancy_irb (1.0.2)
      paint (>= 0.9, < 2.0)
      unicode-display_width (~> 1.0)
    ffi (1.9.10)
    gene_pool (1.4.1)
      thread_safe
    grape (0.14.0)
      activesupport
      builder
      hashie (>= 2.1.0)
      multi_json (>= 1.3.2)
      multi_xml (>= 0.5.2)
      rack (>= 1.3.0)
      rack-accept
      rack-mount
      virtus (>= 1.0.0)
    hashie (3.4.3)
    hirb (0.7.3)
    httmultiparty (0.3.16)
      httparty (>= 0.7.3)
      mimemagic
      multipart-post
    httparty (0.13.7)
      json (~> 1.8)
      multi_xml (>= 0.5.2)
    i18n (0.7.0)
    ice_nine (0.11.2)
    instance (0.2.0)
    interactive_editor (0.0.10)
      spoon (>= 0.0.1)
    irbtools (2.0.1)
      binding.repl (~> 3.0)
      clipboard (~> 1.0, >= 1.0.6)
      code (~> 0.9)
      coderay (~> 1.1)
      debugging (~> 1.1)
      every_day_irb (~> 2.0)
      fancy_irb (~> 1.0)
      hirb (~> 0.7, >= 0.7.3)
      instance (~> 0.2)
      interactive_editor (~> 0.0, >= 0.0.10)
      method_locator (~> 0.0, >= 0.0.4)
      methodfinder (~> 2.0)
      ori (~> 0.1.0)
      os (~> 0.9)
      paint (>= 0.9, < 2.0)
      ruby_engine (~> 1.0)
      ruby_info (~> 1.0)
      ruby_version (~> 1.0)
      wirb (~> 2.0)
    json (1.8.3)
    method_locator (0.0.4)
    method_source (0.8.2)
    methodfinder (2.0.0)
    mimemagic (0.3.1)
    minitest (5.8.4)
    mono_logger (1.1.0)
    multi_json (1.11.2)
    multi_xml (0.5.5)
    multipart-post (2.0.0)
    ori (0.1.0)
    os (0.9.6)
    paint (1.0.1)
    persistent_http (1.0.6)
      gene_pool (>= 1.3)
    persistent_httparty (0.1.2)
      httparty (~> 0.9)
      persistent_http (< 2)
    puma (3.1.0)
    rack (1.6.4)
    rack-accept (0.4.5)
      rack (>= 0.4)
    rack-mount (0.8.3)
      rack (>= 1.0.0)
    rack-protection (1.5.3)
      rack
    rake (10.5.0)
    redis (3.2.2)
    redis-namespace (1.5.2)
      redis (~> 3.0, >= 3.0.4)
    resque (1.25.2)
      mono_logger (~> 1.0)
      multi_json (~> 1.0)
      redis-namespace (~> 1.3)
      sinatra (>= 0.9.2)
      vegas (~> 0.1.2)
    resque-scheduler (4.1.0)
      mono_logger (~> 1.0)
      redis (~> 3.0)
      resque (~> 1.25)
      rufus-scheduler (~> 3.0)
    rspec (3.4.0)
      rspec-core (~> 3.4.0)
      rspec-expectations (~> 3.4.0)
      rspec-mocks (~> 3.4.0)
    rspec-core (3.4.3)
      rspec-support (~> 3.4.0)
    rspec-expectations (3.4.0)
      diff-lcs (>= 1.2.0, < 2.0)
      rspec-support (~> 3.4.0)
    rspec-mocks (3.4.1)
      diff-lcs (>= 1.2.0, < 2.0)
      rspec-support (~> 3.4.0)
    rspec-support (3.4.1)
    ruby_engine (1.0.1)
    ruby_info (1.0.1)
    ruby_version (1.0.1)
    rufus-scheduler (3.2.0)
    sinatra (1.4.7)
      rack (~> 1.5)
      rack-protection (~> 1.4)
      tilt (>= 1.3, < 3)
    spoon (0.0.4)
      ffi
    telegram-bot-ruby (0.4.1)
      httmultiparty
      persistent_httparty
      virtus
    thread_safe (0.3.5)
    tilt (2.0.2)
    tzinfo (1.2.2)
      thread_safe (~> 0.1)
    unicode-display_width (1.0.0)
    vegas (0.1.11)
      rack (>= 1.0.0)
    virtus (1.0.5)
      axiom-types (~> 0.1)
      coercible (~> 1.0)
      descendants_tracker (~> 0.0, >= 0.0.3)
      equalizer (~> 0.0, >= 0.0.9)
    wirb (2.0.0)
      paint (>= 0.9, < 2.0)
    yell (2.0.5)

PLATFORMS
  ruby

DEPENDENCIES
  binding_of_caller (~> 0.7)
  bundler (~> 1.11)
  irbtools
  rake (~> 10.0)
  rspec (~> 3.0)
  tapuzit!

BUNDLED WITH
   1.11.2
